PATH
  remote: .
  specs:
    anyplayer (1.1.3)
      ruby-mpd (~> 0.3.0)

GEM
  remote: http://rubygems.org/
  specs:
    codeclimate-test-reporter (0.3.0)
      simplecov (>= 0.7.1, < 1.0.0)
    docile (1.1.3)
    flexmock (1.3.3)
    minitest (5.3.1)
    multi_json (1.9.2)
    rake (0.9.2.2)
    ruby-mpd (0.3.1)
    simplecov (0.8.2)
      docile (~> 1.1.0)
      multi_json
      simplecov-html (~> 0.8.0)
    simplecov-html (0.8.0)

PLATFORMS
  ruby

DEPENDENCIES
  anyplayer!
  codeclimate-test-reporter
  flexmock
  minitest
  rake
