PATH
  remote: .
  specs:
    anyplayer (1.1.3)
      ruby-mpd (~> 0.3.0)

GEM
  remote: http://rubygems.org/
  specs:
    flexmock (0.9.0)
    minitest (4.1.0)
    rake (0.9.2.2)
    ruby-mpd (0.3.1)

PLATFORMS
  ruby

DEPENDENCIES
  anyplayer!
  flexmock
  minitest
  rake
