PATH
  remote: .
  specs:
    anyplayer (1.0.0)

GEM
  remote: http://rubygems.org/
  specs:
    flexmock (0.9.0)
    minitest (4.1.0)
    rake (0.9.2.2)

PLATFORMS
  ruby

DEPENDENCIES
  anyplayer!
  flexmock
  minitest
  rake
